GEM
  remote: https://rubygems.org/
  specs:
    mina (1.2.5)
      rake
    mina-yarn (1.0.0)
      mina (~> 1.0)
    rake (13.2.1)

PLATFORMS
  arm64-darwin-24
  ruby

DEPENDENCIES
  mina
  mina-yarn

BUNDLED WITH
   2.6.9
